GEM
  remote: http://rubygems.org/
  specs:
    faraday (0.12.2)
      multipart-post (>= 1.2, < 3)
    json (2.1.0)
    jwt (1.5.6)
    multi_json (1.13.1)
    multi_xml (0.6.0)
    multipart-post (2.0.0)
    oauth2 (1.4.0)
      faraday (>= 0.8, < 0.13)
      jwt (~> 1.0)
      multi_json (~> 1.3)
      multi_xml (~> 0.5)
      rack (>= 1.2, < 3)
    rack (2.0.4)

PLATFORMS
  ruby

DEPENDENCIES
  json
  oauth2

BUNDLED WITH
   1.16.1
